GEM
  remote: http://rubygems.org/
  specs:
    foreman (0.61.0)
      thor (>= 0.13.6)
    rack (1.5.2)
    rack-protection (1.5.0)
      rack
    sinatra (1.4.2)
      rack (~> 1.5, >= 1.5.2)
      rack-protection (~> 1.4)
      tilt (~> 1.3, >= 1.3.4)
    thor (0.18.0)
    tilt (1.3.6)

PLATFORMS
  x86-mingw32

DEPENDENCIES
  foreman (= 0.61)
  sinatra
